GEM
  remote: https://rubygems.org/
  specs:
    json (2.1.0)
    rainbow (3.0.0)
    rake (12.3.1)

PLATFORMS
  ruby

DEPENDENCIES
  json
  rainbow
  rake

BUNDLED WITH
   1.17.1
